GEM
  remote: http://rubygems.org/
  specs:
    directory_watcher (1.4.1)
    mustache (0.99.4)
    psych (1.3.2)
    rack (1.4.1)
    redcarpet (2.1.1)
    ruhoh (0.3.0)
      directory_watcher (~> 1.4)
      mustache (~> 0.99)
      psych (~> 1.3)
      rack (~> 1.4)
      redcarpet (~> 2.1)

PLATFORMS
  ruby

DEPENDENCIES
  ruhoh
